GEM
  remote: https://rubygems.org/
  specs:
    dotenv (2.7.5)

PLATFORMS
  ruby

DEPENDENCIES
  dotenv

RUBY VERSION
   ruby 2.5.1p57

BUNDLED WITH
   2.1.4
